GEM
  remote: http://rubygems.org/
  specs:
    ashton (0.0.2alpha)
      gosu (~> 0.7.45)
      opengl (~> 0.8.0.pre1)
    cri (2.1.0)
    faster_xml_simple (0.5.0)
      libxml-ruby (>= 0.3.8.4)
    gosu (0.7.45)
    httpclient (2.3.2)
    json (1.7.6)
    libxml-ruby (2.4.0)
    net-github-upload (0.0.8)
      faster_xml_simple
      httpclient
      json
      nokogiri (>= 1.4.0)
    nokogiri (1.5.6)
    ocra (1.3.0)
    opengl (0.8.0.pre1)
    rake (0.9.2.2)
    releasy (0.2.2)
      cri (~> 2.1.0)
      net-github-upload (~> 0.0.8)
      ocra (~> 1.3.0)
      rake (~> 0.9.2.2)
      thor (~> 0.14.6)
    thor (0.14.6)

PLATFORMS
  ruby

DEPENDENCIES
  ashton (= 0.0.2alpha)
  gosu
  releasy
